GEM
  remote: https://rubygems.org/
  specs:
    domain_name (0.5.20161021)
      unf (>= 0.0.5, < 1.0.0)
    dotenv (2.1.1)
    http-cookie (1.0.3)
      domain_name (~> 0.5)
    json (1.8.3)
    mailgun-ruby (1.0.3)
      json (~> 1.8)
      rest-client (~> 1.6)
    mime-types (2.99.3)
    netrc (0.11.0)
    rack (1.6.4)
    rack-protection (1.5.3)
      rack
    rest-client (1.8.0)
      http-cookie (>= 1.0.2, < 2.0)
      mime-types (>= 1.16, < 3.0)
      netrc (~> 0.7)
    sinatra (1.4.7)
      rack (~> 1.5)
      rack-protection (~> 1.4)
      tilt (>= 1.3, < 3)
    tilt (2.0.5)
    unf (0.1.4)
      unf_ext
    unf_ext (0.0.7.2)

PLATFORMS
  ruby

DEPENDENCIES
  dotenv
  mailgun-ruby (~> 1.0.2)
  sinatra

BUNDLED WITH
   1.13.2
